GEM
  remote: https://rubygems.org/
  specs:
    addressable (2.3.8)
    byebug (10.0.0)
    coderay (1.1.2)
    faraday (0.9.2)
      multipart-post (>= 1.2, < 3)
    method_source (0.9.0)
    multipart-post (2.0.0)
    octokit (4.2.0)
      sawyer (~> 0.6.0, >= 0.5.3)
    pry (0.11.3)
      coderay (~> 1.1.0)
      method_source (~> 0.9.0)
    pry-byebug (3.6.0)
      byebug (~> 10.0)
      pry (~> 0.10)
    sawyer (0.6.0)
      addressable (~> 2.3.5)
      faraday (~> 0.8, < 0.10)

PLATFORMS
  ruby

DEPENDENCIES
  octokit (= 4.2.0)
  pry-byebug (~> 3.6)

BUNDLED WITH
   1.16.1
